GEM
  remote: http://rubygems.org/
  specs:
    minitest (5.13.0)
    rake (13.0.1)

PLATFORMS
  ruby

DEPENDENCIES
  minitest
  rake

RUBY VERSION
   ruby 2.7.1p83

BUNDLED WITH
   2.1.4
