PATH
  remote: .
  specs:
    code_timer (1.1.0)

GEM
  remote: http://rubygems.org/
  specs:
    minitest (5.13.0)
    rake (13.0.1)

PLATFORMS
  ruby

DEPENDENCIES
  code_timer!
  minitest
  rake

RUBY VERSION
   ruby 2.6.0p0

BUNDLED WITH
   2.1.2
